GEM
  remote: https://rubygems.org/
  specs:
    asciidoctor (2.0.18)
    asciidoctor-kroki (0.7.0)
      asciidoctor (~> 2.0)
    asciidoctor-revealjs (4.1.0)
      asciidoctor (>= 2.0.0, < 3.0.0)
      concurrent-ruby (~> 1.0)
      thread_safe (~> 0.3.5)
    concurrent-ruby (1.1.9)
    slim (5.1.0)
      temple (~> 0.10.0)
      tilt (>= 2.0.6, < 2.2)
    temple (0.10.0)
    thread_safe (0.3.6)
    tilt (2.0.11)

PLATFORMS
  x86_64-linux

DEPENDENCIES
  asciidoctor
  asciidoctor-kroki
  asciidoctor-revealjs
  slim (~> 5.1)
  tilt (~> 2.0)

BUNDLED WITH
   2.2.26
