GEM
  remote: https://rubygems.org/
  specs:
    asciidoctor (2.0.18)
    asciidoctor-kroki (0.8.0)
      asciidoctor (~> 2.0)
    asciidoctor-revealjs (5.0.1)
      asciidoctor (>= 2.0.0, < 3.0.0)
    slim (5.1.0)
      temple (~> 0.10.0)
      tilt (>= 2.0.6, < 2.2)
    temple (0.10.0)
    tilt (2.1.0)

PLATFORMS
  x86_64-linux

DEPENDENCIES
  asciidoctor
  asciidoctor-kroki
  asciidoctor-revealjs
  slim (~> 5.1)
  tilt (~> 2.1)

BUNDLED WITH
   2.2.26
